GEM
  remote: https://rubygems.org/
  specs:
    docile (1.1.5)
    json (1.8.3)
    minitest (5.7.0)
    rake (10.4.2)
    simplecov (0.10.0)
      docile (~> 1.1.0)
      json (~> 1.8)
      simplecov-html (~> 0.10.0)
    simplecov-html (0.10.0)

PLATFORMS
  ruby

DEPENDENCIES
  minitest
  rake
  simplecov
